GEM
  remote: https://rubygems.org/
  specs:
    childprocess (0.5.1)
      ffi (~> 1.0, >= 1.0.11)
    commonwatir (4.0.0)
    diff-lcs (1.2.5)
    ffi (1.9.3)
    multi_json (1.8.4)
    rake (10.1.1)
    rspec (2.14.1)
      rspec-core (~> 2.14.0)
      rspec-expectations (~> 2.14.0)
      rspec-mocks (~> 2.14.0)
    rspec-core (2.14.8)
    rspec-expectations (2.14.5)
      diff-lcs (>= 1.1.3, < 2.0)
    rspec-mocks (2.14.6)
    rubyzip (1.1.0)
    selenium-webdriver (2.40.0)
      childprocess (>= 0.5.0)
      multi_json (~> 1.0)
      rubyzip (~> 1.0)
      websocket (~> 1.0.4)
    watir (5.0.0)
      commonwatir (~> 4)
      watir-webdriver
    watir-rspec (1.1.2)
      rspec (~> 2.0)
      watir (~> 5.0)
    watir-webdriver (0.6.8)
      selenium-webdriver (>= 2.18.0)
    websocket (1.0.7)

PLATFORMS
  ruby

DEPENDENCIES
  rake
  rspec
  selenium-webdriver
  watir-rspec
  watir-webdriver
